GEM
  remote: http://rubygems.org/
  specs:
    diff-lcs (1.1.3)
    facter (1.6.15)
    hiera (1.0.0)
    metaclass (0.0.1)
    mocha (0.10.5)
      metaclass (~> 0.0.1)
    puppet (3.0.1)
      facter (~> 1.6.11)
      hiera (~> 1.0.0)
    rspec (2.10.0)
      rspec-core (~> 2.10.0)
      rspec-expectations (~> 2.10.0)
      rspec-mocks (~> 2.10.0)
    rspec-core (2.10.1)
    rspec-expectations (2.10.0)
      diff-lcs (~> 1.1.3)
    rspec-mocks (2.10.1)

PLATFORMS
  ruby

DEPENDENCIES
  mocha (~> 0.10.5)
  puppet (>= 2.7.12)
  rspec (~> 2.10.0)
